GEM
  remote: http://rubygems.org/
  specs:
    dalli (1.1.4)
    git (1.2.5)
    jeweler (1.8.3)
      bundler (~> 1.0)
      git (>= 1.2.5)
      rake
      rdoc
    metaclass (0.0.1)
    mocha (0.10.3)
      metaclass (~> 0.0.1)
    multi_json (1.0.4)
    rake (0.9.2.2)
    rdoc (6.3.1)
    redis (2.2.2)
    shoulda (2.11.3)
    simplecov (0.5.4)
      multi_json (~> 1.0.3)
      simplecov-html (~> 0.5.3)
    simplecov-html (0.5.3)

PLATFORMS
  ruby

DEPENDENCIES
  bundler (~> 1.0.0)
  dalli
  jeweler (~> 1.8.3)
  mocha
  rdoc (~> 6.3)
  redis
  shoulda
  simplecov
