GEM
  remote: http://rubygems.org/
  specs:
    addressable (2.8.1)
      public_suffix (>= 2.0.2, < 6.0)
    dalli (1.1.4)
    git (1.13.0)
      addressable (~> 2.8)
      rchardet (~> 1.8)
    jeweler (1.8.3)
      bundler (~> 1.0)
      git (>= 1.2.5)
      rake
      rdoc
    json (1.6.5)
    metaclass (0.0.1)
    mocha (0.10.3)
      metaclass (~> 0.0.1)
    multi_json (1.0.4)
    public_suffix (5.0.1)
    rake (0.9.2.2)
    rchardet (1.8.0)
    rdoc (3.12)
      json (~> 1.4)
    redis (2.2.2)
    shoulda (2.11.3)
    simplecov (0.5.4)
      multi_json (~> 1.0.3)
      simplecov-html (~> 0.5.3)
    simplecov-html (0.5.3)

PLATFORMS
  ruby

DEPENDENCIES
  bundler (~> 1.0.0)
  dalli
  jeweler (~> 1.8.3)
  mocha
  rdoc (~> 3.12)
  redis
  shoulda
  simplecov
